GEM
  remote: https://rubygems.org/
  specs:
    graphql (1.9.4)
    mustermann (1.0.3)
    rack (2.0.7)
    rack-protection (2.0.5)
      rack
    shotgun (0.9.2)
      rack (>= 1.0)
    sinatra (2.0.5)
      mustermann (~> 1.0)
      rack (~> 2.0)
      rack-protection (= 2.0.5)
      tilt (~> 2.0)
    tilt (2.0.9)

PLATFORMS
  ruby

DEPENDENCIES
  graphql
  rack
  shotgun
  sinatra

RUBY VERSION
   ruby 2.5.0p0

BUNDLED WITH
   1.16.2
